GEM
  remote: https://rubygems.org/
  specs:
    coderay (1.0.8)
    guard (1.6.1)
      listen (>= 0.6.0)
      lumberjack (>= 1.0.2)
      pry (>= 0.9.10)
      thor (>= 0.14.6)
    guard-rake (0.0.7)
      guard
      rake
    haml (3.1.7)
    listen (0.7.2)
    lumberjack (1.0.2)
    method_source (0.8.1)
    pry (0.9.11.3)
      coderay (~> 1.0.5)
      method_source (~> 0.8)
      slop (~> 3.4)
    rake (10.0.3)
    rb-fsevent (0.9.3)
    sass (3.2.5)
    slop (3.4.3)
    thor (0.16.0)
    zip (2.0.2)

PLATFORMS
  ruby

DEPENDENCIES
  guard-rake
  haml
  rb-fsevent (~> 0.9.1)
  sass
  zip
